GIT
  remote: git://github.com/laurilehmijoki/jekyll-s3.git
  revision: aa79275d14ca22998b67a627ff5c513771f0ac6c
  specs:
    jekyll-s3 (3.2.0)
      aws-sdk (~> 1.8.5)
      configure-s3-website (~> 1)
      erubis (~> 2.7.0)
      filey-diff (~> 1)
      mime-types (= 1.19)
      simple-cloudfront-invalidator (~> 1)

GEM
  remote: https://rubygems.org/
  specs:
    RedCloth (4.2.9)
    aws-sdk (1.8.5)
      json (~> 1.4)
      nokogiri (>= 1.4.4)
      uuidtools (~> 2.1)
    blankslate (2.1.2.4)
    classifier (1.3.5)
      fast-stemmer (~> 1.0.0)
      mathn
      rake
    colorator (0.1)
    colored (1.2)
    commander (4.1.6)
      highline (~> 1.6.11)
    configure-s3-website (1.4.0)
      deep_merge (= 1.0.0)
    deep_merge (1.0.0)
    erubis (2.7.0)
    fast-stemmer (1.0.2)
    ffi (1.9.23)
    filey-diff (1.4.1)
    foreman (0.60.2)
      thor (>= 0.13.6)
    highline (1.6.21)
    jekyll (1.5.1)
      classifier (~> 1.3)
      colorator (~> 0.1)
      commander (~> 4.1.3)
      liquid (~> 2.5.5)
      listen (~> 1.3)
      maruku (= 0.7.0)
      pygments.rb (~> 0.5.0)
      redcarpet (~> 2.3.0)
      safe_yaml (~> 1.0)
      toml (~> 0.1.0)
    json (1.8.0)
    liquid (2.5.5)
    listen (1.3.1)
      rb-fsevent (>= 0.9.3)
      rb-inotify (>= 0.9)
      rb-kqueue (>= 0.2)
    maruku (0.7.0)
    mathn (0.1.0)
    mime-types (1.19)
    mini_portile (0.5.1)
    nokogiri (1.6.0)
      mini_portile (~> 0.5.0)
    parslet (1.5.0)
      blankslate (~> 2.0)
    posix-spawn (0.3.13)
    pygments.rb (0.5.4)
      posix-spawn (~> 0.3.6)
      yajl-ruby (~> 1.1.0)
    rake (0.9.2.2)
    rb-fsevent (0.10.3)
    rb-inotify (0.9.10)
      ffi (>= 0.5.0, < 2)
    rb-kqueue (0.2.5)
      ffi (>= 0.5.0)
    redcarpet (2.3.0)
    safe_yaml (1.0.4)
    simple-cloudfront-invalidator (1.0.1)
      colored (= 1.2)
    thor (0.18.1)
    toml (0.1.2)
      parslet (~> 1.5.0)
    uuidtools (2.1.4)
    yajl-ruby (1.1.0)

PLATFORMS
  ruby

DEPENDENCIES
  RedCloth (= 4.2.9)
  foreman (= 0.60.2)
  jekyll (= 1.5.1)
  jekyll-s3!
  rake (= 0.9.2.2)

RUBY VERSION
   ruby 2.1.0p0

BUNDLED WITH
   1.16.2
